GEM
  remote: https://rubygems.org/
  specs:
    configuration (1.3.2)
    git (1.2.5)
    heroku (1.15.1)
      json_pure (>= 1.2.0, < 1.5.0)
      launchy (~> 0.3.2)
      rest-client (>= 1.4.0, < 1.7.0)
    jeweler (1.8.4)
      bundler (~> 1.0)
      git (>= 1.2.5)
      rake
      rdoc
    json (1.7.5)
    json_pure (1.4.6)
    launchy (0.3.7)
      configuration (>= 0.0.5)
      rake (>= 0.8.1)
    mime-types (1.19)
    rack (1.2.1)
    rainbow (1.1)
    rake (0.9.2.2)
    rdoc (3.12)
      json (~> 1.4)
    rest-client (1.6.7)
      mime-types (>= 1.16)
    shining (2.0.1)
      heroku (= 1.15.1)
      heroku (>= 1.9.9)
      jeweler (>= 1.4.0)
      json_pure (= 1.4.6)
      json_pure (>= 1.1.9)
      rack (= 1.2.1)
      rack (>= 1.0)
      rainbow (= 1.1)
      rainbow (= 1.1)
      stringex (= 1.2.0)
      stringex (>= 1.1.0)
    stringex (1.2.0)

PLATFORMS
  ruby

DEPENDENCIES
  shining
